GIT
  remote: https://github.com/airslie/activesupport-cache-database.git
  revision: 15094428f7c805a796f16be7c20a2934ee3deaf7
  specs:
    activesupport_cache_database (0.2.1)
      activerecord (>= 5.0)
      activesupport (>= 5.0)

GIT
  remote: https://github.com/airslie/nhs_api_client.git
  revision: 0a265d4488efaf536ca055aed5c898ba3c429e87
  tag: v0.1.2
  specs:
    nhs_api_client (0.1.2)
      httparty (~> 0.16)
      rails (> 5.2.4, < 6.1)

GIT
  remote: https://github.com/airslie/party_foul.git
  revision: 215834ca503162fea7c674649c103ba55636168b
  specs:
    party_foul (1.5.6)
      octokit (~> 4.2)

GIT
  remote: https://github.com/airslie/rack-host-redirect.git
  revision: a74796367ecc084d8feeb0bfc35e0e99d15045ec
  specs:
    rack-host-redirect (1.3.0)
      rack

GIT
  remote: https://github.com/airslie/turnip.git
  revision: e7cec05297d248a2f4d3525fc34ee786d708b2eb
  specs:
    turnip (4.2.0)
      cucumber-gherkin (~> 22.0)
      rspec (>= 3.0, < 4.0)

PATH
  remote: .
  specs:
    renalware-core (2.2.10)
      active_type (~> 0.7.1)
      activerecord-import (~> 1.0)
      activerecord-postgres_enum (~> 1.6.0)
      ahoy_matey (~> 2.1)
      attr_extras (~> 6.2)
      client_side_validations (~> 17.0)
      client_side_validations-simple_form (~> 11.0)
      clipboard-rails (~> 1.7.1)
      cocoon (~> 1.2.11)
      concurrent-ruby (~> 1.1.6)
      cronex (~> 0.6.1)
      delayed_job (~> 4.1.4)
      delayed_job_active_record (~> 4.1.2)
      delayed_job_web (~> 1.4.3)
      devise (~> 4.8)
      devise-security (~> 0.14.3)
      dotenv-rails (~> 2.5)
      dumb_delegator (~> 0.8.0)
      email_validator (> 1.6.0)
      enumerize (~> 2.4.0)
      font-awesome-sass (~> 5.6)
      friendly_id (~> 5.3)
      groupdate (>= 4.2, < 6)
      hashdiff (~> 1.0)
      httparty (~> 0.16)
      i18n (~> 1.8.9)
      jbuilder (~> 2.8)
      jquery-datatables-rails (~> 3.4.0)
      jquery-rails (~> 4.4.0)
      jquery-ui-rails (~> 6.0.1)
      kaminari (~> 1.1)
      liquid (~> 4.0.0)
      lograge (~> 0.11)
      naught (~> 1.1.0)
      nested_form (~> 0.3.2)
      nokogiri (~> 1.9)
      ox (~> 2.13)
      pagy (~> 4.8)
      pandoc-ruby (~> 2.1.4)
      paper_trail
      paranoia (~> 2.4.0)
      pdf-reader (~> 2.9)
      pg (~> 1.1)
      prawn (~> 2.2)
      puma (>= 4.3)
      pundit (~> 2.2.0)
      rack (~> 2.0)
      rack-attack (~> 6.5)
      rails (> 5.2, < 6.2)
      ransack (~> 2.4.0)
      record_tag_helper (~> 1.0.0)
      renalware-forms (>= 0.1.5)
      ruby-hl7 (~> 1.2.0)
      sassc-rails (~> 2.1.0)
      scenic (~> 1.5)
      simple_form (~> 5.1)
      sinatra (~> 2.0)
      slim-rails (~> 3.5)
      sprockets-rails (>= 3.2.2)
      store_model (= 0.8.0)
      turbo-rails (= 1.0.0)
      validates_timeliness (~> 4.1.0)
      view_component (~> 2.19)
      virtus (~> 1.0.5)
      whenever
      wicked_pdf (~> 2.1.0)
      wisper (~> 2.0.0)
      wisper-activejob (~> 1.0.0)
      yard (>= 0.9.20)

GEM
  remote: https://rubygems.org/
  specs:
    Ascii85 (1.1.0)
    actioncable (6.0.4.8)
      actionpack (= 6.0.4.8)
      nio4r (~> 2.0)
      websocket-driver (>= 0.6.1)
    actionmailbox (6.0.4.8)
      actionpack (= 6.0.4.8)
      activejob (= 6.0.4.8)
      activerecord (= 6.0.4.8)
      activestorage (= 6.0.4.8)
      activesupport (= 6.0.4.8)
      mail (>= 2.7.1)
    actionmailer (6.0.4.8)
      actionpack (= 6.0.4.8)
      actionview (= 6.0.4.8)
      activejob (= 6.0.4.8)
      mail (~> 2.5, >= 2.5.4)
      rails-dom-testing (~> 2.0)
    actionpack (6.0.4.8)
      actionview (= 6.0.4.8)
      activesupport (= 6.0.4.8)
      rack (~> 2.0, >= 2.0.8)
      rack-test (>= 0.6.3)
      rails-dom-testing (~> 2.0)
      rails-html-sanitizer (~> 1.0, >= 1.2.0)
    actiontext (6.0.4.8)
      actionpack (= 6.0.4.8)
      activerecord (= 6.0.4.8)
      activestorage (= 6.0.4.8)
      activesupport (= 6.0.4.8)
      nokogiri (>= 1.8.5)
    actionview (6.0.4.8)
      activesupport (= 6.0.4.8)
      builder (~> 3.1)
      erubi (~> 1.4)
      rails-dom-testing (~> 2.0)
      rails-html-sanitizer (~> 1.1, >= 1.2.0)
    active_type (0.7.5)
      activerecord (>= 3.2)
    activejob (6.0.4.8)
      activesupport (= 6.0.4.8)
      globalid (>= 0.3.6)
    activemodel (6.0.4.8)
      activesupport (= 6.0.4.8)
    activerecord (6.0.4.8)
      activemodel (= 6.0.4.8)
      activesupport (= 6.0.4.8)
    activerecord-import (1.4.0)
      activerecord (>= 4.2)
    activerecord-postgres_enum (1.6.1)
      activerecord (>= 5, < 6.2)
      pg
    activestorage (6.0.4.8)
      actionpack (= 6.0.4.8)
      activejob (= 6.0.4.8)
      activerecord (= 6.0.4.8)
      marcel (~> 1.0.0)
    activesupport (6.0.4.8)
      concurrent-ruby (~> 1.0, >= 1.0.2)
      i18n (>= 0.7, < 2)
      minitest (~> 5.1)
      tzinfo (~> 1.1)
      zeitwerk (~> 2.2, >= 2.2.2)
    addressable (2.8.0)
      public_suffix (>= 2.0.2, < 5.0)
    afm (0.2.2)
    ahoy_matey (2.2.1)
      addressable
      browser (~> 2.0)
      device_detector
      geocoder (>= 1.4.5)
      railties (>= 4.2)
      referer-parser (>= 0.3)
      request_store
      safely_block (>= 0.2.1)
      user_agent_parser
    ast (2.4.2)
    attr_extras (6.2.5)
    autoprefixer-rails (9.8.6.5)
      execjs
    awesome_print (1.9.2)
    aws-eventstream (1.1.0)
    aws-partitions (1.296.0)
    aws-sdk-core (3.94.0)
      aws-eventstream (~> 1, >= 1.0.2)
      aws-partitions (~> 1, >= 1.239.0)
      aws-sigv4 (~> 1.1)
      jmespath (~> 1.0)
    aws-sdk-kms (1.30.0)
      aws-sdk-core (~> 3, >= 3.71.0)
      aws-sigv4 (~> 1.1)
    aws-sdk-s3 (1.61.2)
      aws-sdk-core (~> 3, >= 3.83.0)
      aws-sdk-kms (~> 1)
      aws-sigv4 (~> 1.1)
    aws-sigv4 (1.1.1)
      aws-eventstream (~> 1.0, >= 1.0.2)
    axiom-types (0.1.1)
      descendants_tracker (~> 0.0.4)
      ice_nine (~> 0.11.0)
      thread_safe (~> 0.3, >= 0.3.1)
    bcrypt (3.1.18)
    binding_of_caller (1.0.0)
      debug_inspector (>= 0.0.1)
    bootsnap (1.11.1)
      msgpack (~> 1.2)
    browser (2.7.1)
    builder (3.2.4)
    bullet (7.0.1)
      activesupport (>= 3.0.0)
      uniform_notifier (~> 1.11)
    bundler-audit (0.9.0.1)
      bundler (>= 1.2.0, < 3)
      thor (~> 1.0)
    byebug (11.1.3)
    capybara (3.37.1)
      addressable
      matrix
      mini_mime (>= 0.1.3)
      nokogiri (~> 1.8)
      rack (>= 1.6.0)
      rack-test (>= 0.6.3)
      regexp_parser (>= 1.5, < 3.0)
      xpath (~> 3.2)
    capybara-screenshot (1.0.26)
      capybara (>= 1.0, < 4)
      launchy
    capybara-select-2 (0.5.1)
    character_set (1.6.0)
      sorted_set (~> 1.0)
    childprocess (3.0.0)
    chronic (0.10.2)
    client_side_validations (17.2.0)
      js_regex (~> 3.1)
      rails (>= 5.0.0.1, < 6.2)
    client_side_validations-simple_form (11.2.0)
      client_side_validations (>= 15.0, < 18.0)
      simple_form (~> 5.0)
    clipboard-rails (1.7.1)
    cocoon (1.2.15)
    coderay (1.1.3)
    coercible (1.0.0)
      descendants_tracker (~> 0.0.1)
    concurrent-ruby (1.1.10)
    crack (0.4.5)
      rexml
    crass (1.0.6)
    cronex (0.6.1)
      unicode
    cucumber (7.1.0)
      builder (~> 3.2, >= 3.2.4)
      cucumber-core (~> 10.1, >= 10.1.0)
      cucumber-create-meta (~> 6.0, >= 6.0.1)
      cucumber-cucumber-expressions (~> 14.0, >= 14.0.0)
      cucumber-gherkin (~> 22.0, >= 22.0.0)
      cucumber-html-formatter (~> 17.0, >= 17.0.0)
      cucumber-messages (~> 17.1, >= 17.1.1)
      cucumber-wire (~> 6.2, >= 6.2.0)
      diff-lcs (~> 1.4, >= 1.4.4)
      mime-types (~> 3.3, >= 3.3.1)
      multi_test (~> 0.1, >= 0.1.2)
      sys-uname (~> 1.2, >= 1.2.2)
    cucumber-core (10.1.1)
      cucumber-gherkin (~> 22.0, >= 22.0.0)
      cucumber-messages (~> 17.1, >= 17.1.1)
      cucumber-tag-expressions (~> 4.1, >= 4.1.0)
    cucumber-create-meta (6.0.4)
      cucumber-messages (~> 17.1, >= 17.1.1)
      sys-uname (~> 1.2, >= 1.2.2)
    cucumber-cucumber-expressions (14.0.0)
    cucumber-gherkin (22.0.0)
      cucumber-messages (~> 17.1, >= 17.1.1)
    cucumber-html-formatter (17.0.0)
      cucumber-messages (~> 17.1, >= 17.1.0)
    cucumber-messages (17.1.1)
    cucumber-rails (2.5.1)
      capybara (>= 2.18, < 4)
      cucumber (>= 3.2, < 8)
      mime-types (~> 3.3)
      nokogiri (~> 1.10)
      railties (>= 5.0, < 8)
      rexml (~> 3.0)
      webrick (~> 1.7)
    cucumber-tag-expressions (4.1.0)
    cucumber-wire (6.2.1)
      cucumber-core (~> 10.1, >= 10.1.0)
      cucumber-cucumber-expressions (~> 14.0, >= 14.0.0)
    daemons (1.3.1)
    database_cleaner (2.0.1)
      database_cleaner-active_record (~> 2.0.0)
    database_cleaner-active_record (2.0.1)
      activerecord (>= 5.a)
      database_cleaner-core (~> 2.0.0)
    database_cleaner-core (2.0.1)
    debug_inspector (1.1.0)
    delayed_job (4.1.10)
      activesupport (>= 3.0, < 8.0)
    delayed_job_active_record (4.1.7)
      activerecord (>= 3.0, < 8.0)
      delayed_job (>= 3.0, < 5)
    delayed_job_web (1.4.4)
      activerecord (> 3.0.0)
      delayed_job (> 2.0.3)
      rack-protection (>= 1.5.5)
      sinatra (>= 1.4.4)
    descendants_tracker (0.0.4)
      thread_safe (~> 0.3, >= 0.3.1)
    device_detector (1.0.7)
    devise (4.8.1)
      bcrypt (~> 3.0)
      orm_adapter (~> 0.1)
      railties (>= 4.1.0)
      responders
      warden (~> 1.2.3)
    devise-security (0.14.3)
      devise (>= 4.3.0, < 5.0)
      rails (>= 4.2.0, < 7.0)
    diff-lcs (1.5.0)
    docile (1.4.0)
    dotenv (2.7.6)
    dotenv-rails (2.7.6)
      dotenv (= 2.7.6)
      railties (>= 3.2)
    dumb_delegator (0.8.1)
    email_validator (2.2.3)
      activemodel
    enumerize (2.4.0)
      activesupport (>= 3.2)
    equalizer (0.0.11)
    errbase (0.2.2)
    erubi (1.10.0)
    execjs (2.7.0)
    factory_bot (6.2.1)
      activesupport (>= 5.0.0)
    factory_bot_rails (6.2.0)
      factory_bot (~> 6.2.0)
      railties (>= 5.0.0)
    faker (2.21.0)
      i18n (>= 1.8.11, < 2)
    faraday (1.10.0)
      faraday-em_http (~> 1.0)
      faraday-em_synchrony (~> 1.0)
      faraday-excon (~> 1.1)
      faraday-httpclient (~> 1.0)
      faraday-multipart (~> 1.0)
      faraday-net_http (~> 1.0)
      faraday-net_http_persistent (~> 1.0)
      faraday-patron (~> 1.0)
      faraday-rack (~> 1.0)
      faraday-retry (~> 1.0)
      ruby2_keywords (>= 0.0.4)
    faraday-em_http (1.0.0)
    faraday-em_synchrony (1.0.0)
    faraday-excon (1.1.0)
    faraday-httpclient (1.0.1)
    faraday-multipart (1.0.3)
      multipart-post (>= 1.2, < 3)
    faraday-net_http (1.0.1)
    faraday-net_http_persistent (1.2.0)
    faraday-patron (1.0.0)
    faraday-rack (1.0.0)
    faraday-retry (1.0.3)
    ffi (1.15.5)
    font-awesome-sass (5.15.1)
      sassc (>= 1.11)
    foreman (0.87.2)
    friendly_id (5.4.2)
      activerecord (>= 4.0.0)
    fuubar (2.5.1)
      rspec-core (~> 3.0)
      ruby-progressbar (~> 1.4)
    geocoder (1.8.0)
    globalid (1.0.0)
      activesupport (>= 5.0)
    groupdate (5.2.4)
      activesupport (>= 5)
    hashdiff (1.0.1)
    hashery (2.1.2)
    highline (2.0.3)
    httparty (0.18.1)
      mime-types (~> 3.0)
      multi_xml (>= 0.5.2)
    i18n (1.8.11)
      concurrent-ruby (~> 1.0)
    i18n-tasks (0.9.34)
      activesupport (>= 4.0.2)
      ast (>= 2.1.0)
      erubi
      highline (>= 2.0.0)
      i18n
      parser (>= 2.2.3.0)
      rails-i18n
      rainbow (>= 2.2.2, < 4.0)
      terminal-table (>= 1.5.1)
    ice_nine (0.11.2)
    jbuilder (2.11.5)
      actionview (>= 5.0.0)
      activesupport (>= 5.0.0)
    jmespath (1.4.0)
    jquery-datatables-rails (3.4.0)
      actionpack (>= 3.1)
      jquery-rails
      railties (>= 3.1)
      sass-rails
    jquery-rails (4.4.0)
      rails-dom-testing (>= 1, < 3)
      railties (>= 4.2.0)
      thor (>= 0.14, < 2.0)
    jquery-ui-rails (6.0.1)
      railties (>= 3.2.16)
    js_regex (3.5.1)
      character_set (~> 1.4)
      regexp_parser (~> 1.8, >= 1.8.2)
      regexp_property_values (~> 1.0)
    jsbundling-rails (1.0.2)
      railties (>= 6.0.0)
    kaminari (1.2.2)
      activesupport (>= 4.1.0)
      kaminari-actionview (= 1.2.2)
      kaminari-activerecord (= 1.2.2)
      kaminari-core (= 1.2.2)
    kaminari-actionview (1.2.2)
      actionview
      kaminari-core (= 1.2.2)
    kaminari-activerecord (1.2.2)
      activerecord
      kaminari-core (= 1.2.2)
    kaminari-core (1.2.2)
    launchy (2.5.0)
      addressable (~> 2.7)
    liquid (4.0.3)
    lograge (0.12.0)
      actionpack (>= 4)
      activesupport (>= 4)
      railties (>= 4)
      request_store (~> 1.0)
    loofah (2.18.0)
      crass (~> 1.0.2)
      nokogiri (>= 1.5.9)
    mail (2.7.1)
      mini_mime (>= 0.1.1)
    marcel (1.0.2)
    matrix (0.4.2)
    method_source (1.0.0)
    mime-types (3.4.1)
      mime-types-data (~> 3.2015)
    mime-types-data (3.2022.0105)
    mini_mime (1.1.2)
    mini_portile2 (2.8.0)
    minitest (5.15.0)
    msgpack (1.4.2)
    multi_test (0.1.2)
    multi_xml (0.6.0)
    multipart-post (2.1.1)
    mustermann (1.1.1)
      ruby2_keywords (~> 0.0.1)
    naught (1.1.0)
    nested_form (0.3.2)
    nio4r (2.5.8)
    nokogiri (1.13.6)
      mini_portile2 (~> 2.8.0)
      racc (~> 1.4)
    octokit (4.20.0)
      faraday (>= 0.9)
      sawyer (~> 0.8.0, >= 0.5.3)
    orm_adapter (0.5.0)
    ox (2.14.11)
    pagy (4.11.0)
    pandoc-ruby (2.1.6)
    paper_trail (10.3.1)
      activerecord (>= 4.2)
      request_store (~> 1.1)
    parallel (1.22.1)
    paranoia (2.4.3)
      activerecord (>= 4.0, < 6.2)
    parser (3.1.2.0)
      ast (~> 2.4.1)
    pdf-core (0.9.0)
    pdf-reader (2.10.0)
      Ascii85 (~> 1.0)
      afm (~> 0.2.1)
      hashery (~> 2.0)
      ruby-rc4
      ttfunk
    pg (1.3.5)
    prawn (2.4.0)
      pdf-core (~> 0.9.0)
      ttfunk (~> 1.7)
    prawn-table (0.2.2)
      prawn (>= 1.3.0, < 3.0.0)
    pry (0.13.1)
      coderay (~> 1.1)
      method_source (~> 1.0)
    pry-byebug (3.9.0)
      byebug (~> 11.0)
      pry (~> 0.13.0)
    pry-rails (0.3.9)
      pry (>= 0.10.4)
    public_suffix (4.0.7)
    puma (5.6.4)
      nio4r (~> 2.0)
    pundit (2.2.0)
      activesupport (>= 3.0.0)
    racc (1.6.0)
    rack (2.2.3)
    rack-attack (6.6.1)
      rack (>= 1.0, < 3)
    rack-protection (2.2.0)
      rack
    rack-test (1.1.0)
      rack (>= 1.0, < 3)
    rails (6.0.4.8)
      actioncable (= 6.0.4.8)
      actionmailbox (= 6.0.4.8)
      actionmailer (= 6.0.4.8)
      actionpack (= 6.0.4.8)
      actiontext (= 6.0.4.8)
      actionview (= 6.0.4.8)
      activejob (= 6.0.4.8)
      activemodel (= 6.0.4.8)
      activerecord (= 6.0.4.8)
      activestorage (= 6.0.4.8)
      activesupport (= 6.0.4.8)
      bundler (>= 1.3.0)
      railties (= 6.0.4.8)
      sprockets-rails (>= 2.0.0)
    rails-controller-testing (1.0.5)
      actionpack (>= 5.0.1.rc1)
      actionview (>= 5.0.1.rc1)
      activesupport (>= 5.0.1.rc1)
    rails-dom-testing (2.0.3)
      activesupport (>= 4.2.0)
      nokogiri (>= 1.6)
    rails-html-sanitizer (1.4.2)
      loofah (~> 2.3)
    rails-i18n (6.0.0)
      i18n (>= 0.7, < 2)
      railties (>= 6.0.0, < 7)
    railties (6.0.4.8)
      actionpack (= 6.0.4.8)
      activesupport (= 6.0.4.8)
      method_source
      rake (>= 0.8.7)
      thor (>= 0.20.3, < 2.0)
    rainbow (3.1.1)
    rake (13.0.6)
    ransack (2.4.2)
      activerecord (>= 5.2.4)
      activesupport (>= 5.2.4)
      i18n
    rbtree (0.4.5)
    record_tag_helper (1.0.1)
      actionview (>= 5)
    redis (4.6.0)
    referer-parser (0.3.0)
    regexp_parser (1.8.2)
    regexp_property_values (1.3.0)
    renalware-forms (0.1.15)
      activemodel
      attr_extras (~> 6.2)
      prawn (~> 2.2)
      prawn-table (~> 0.2)
      rake
      virtus
    request_store (1.5.1)
      rack (>= 1.4)
    responders (3.0.1)
      actionpack (>= 5.0)
      railties (>= 5.0)
    rexml (3.2.5)
    rspec (3.11.0)
      rspec-core (~> 3.11.0)
      rspec-expectations (~> 3.11.0)
      rspec-mocks (~> 3.11.0)
    rspec-core (3.11.0)
      rspec-support (~> 3.11.0)
    rspec-expectations (3.11.0)
      diff-lcs (>= 1.2.0, < 2.0)
      rspec-support (~> 3.11.0)
    rspec-html-matchers (0.9.4)
      nokogiri (~> 1)
      rspec (>= 3.0.0.a, < 4)
    rspec-mocks (3.11.1)
      diff-lcs (>= 1.2.0, < 2.0)
      rspec-support (~> 3.11.0)
    rspec-rails (5.1.2)
      actionpack (>= 5.2)
      activesupport (>= 5.2)
      railties (>= 5.2)
      rspec-core (~> 3.10)
      rspec-expectations (~> 3.10)
      rspec-mocks (~> 3.10)
      rspec-support (~> 3.10)
    rspec-retry (0.6.2)
      rspec-core (> 3.3)
    rspec-support (3.11.0)
    rspec_junit_formatter (0.5.1)
      rspec-core (>= 2, < 4, != 2.12.0)
    rubocop (1.30.0)
      parallel (~> 1.10)
      parser (>= 3.1.0.0)
      rainbow (>= 2.2.2, < 4.0)
      regexp_parser (>= 1.8, < 3.0)
      rexml (>= 3.2.5, < 4.0)
      rubocop-ast (>= 1.18.0, < 2.0)
      ruby-progressbar (~> 1.7)
      unicode-display_width (>= 1.4.0, < 3.0)
    rubocop-ast (1.18.0)
      parser (>= 3.1.1.0)
    rubocop-performance (1.14.0)
      rubocop (>= 1.7.0, < 2.0)
      rubocop-ast (>= 0.4.0)
    rubocop-rails (2.14.2)
      activesupport (>= 4.2.0)
      rack (>= 1.1)
      rubocop (>= 1.7.0, < 2.0)
    rubocop-rspec (2.11.1)
      rubocop (~> 1.19)
    ruby-hl7 (1.2.3)
      rake (>= 11.0)
    ruby-prof (1.4.3)
    ruby-progressbar (1.11.0)
    ruby-rc4 (0.1.5)
    ruby2_keywords (0.0.5)
    rubyzip (1.3.0)
    safely_block (0.3.0)
      errbase (>= 0.1.1)
    sass-rails (6.0.0)
      sassc-rails (~> 2.1, >= 2.1.1)
    sassc (2.4.0)
      ffi (~> 1.9)
    sassc-rails (2.1.2)
      railties (>= 4.0.0)
      sassc (>= 2.0)
      sprockets (> 3.0)
      sprockets-rails
      tilt
    sawyer (0.8.2)
      addressable (>= 2.3.5)
      faraday (> 0.8, < 2.0)
    scenic (1.6.0)
      activerecord (>= 4.0.0)
      railties (>= 4.0.0)
    selenium-webdriver (3.142.7)
      childprocess (>= 0.5, < 4.0)
      rubyzip (>= 1.2.2)
    set (1.0.2)
    shoulda-matchers (4.5.1)
      activesupport (>= 4.2.0)
    simple_form (5.1.0)
      actionpack (>= 5.2)
      activemodel (>= 5.2)
    simplecov (0.21.2)
      docile (~> 1.1)
      simplecov-html (~> 0.11)
      simplecov_json_formatter (~> 0.1)
    simplecov-html (0.12.3)
    simplecov_json_formatter (0.1.4)
    sinatra (2.2.0)
      mustermann (~> 1.0)
      rack (~> 2.2)
      rack-protection (= 2.2.0)
      tilt (~> 2.0)
    slim (4.1.0)
      temple (>= 0.7.6, < 0.9)
      tilt (>= 2.0.6, < 2.1)
    slim-rails (3.5.1)
      actionpack (>= 3.1)
      railties (>= 3.1)
      slim (>= 3.0, < 5.0)
    sorted_set (1.0.3)
      rbtree
      set (~> 1.0)
    sprockets (4.0.3)
      concurrent-ruby (~> 1.0)
      rack (> 1, < 3)
    sprockets-rails (3.4.2)
      actionpack (>= 5.2)
      activesupport (>= 5.2)
      sprockets (>= 3.0.0)
    store_model (0.8.0)
      activerecord (>= 5.2)
    strong_migrations (1.0.0)
      activerecord (>= 5.2)
    sys-uname (1.2.2)
      ffi (~> 1.1)
    tailwindcss-rails (2.0.8)
      railties (>= 6.0.0)
    temple (0.8.2)
    terminal-table (3.0.2)
      unicode-display_width (>= 1.1.1, < 3)
    test-prof (1.0.9)
    thor (1.2.1)
    thread_safe (0.3.6)
    tilt (2.0.10)
    timeliness (0.4.4)
    ttfunk (1.7.0)
    turbo-rails (1.0.0)
      actionpack (>= 6.0.0)
      railties (>= 6.0.0)
    tzinfo (1.2.9)
      thread_safe (~> 0.1)
    uglifier (4.2.0)
      execjs (>= 0.3.0, < 3)
    unicode (0.4.4.4)
    unicode-display_width (2.1.0)
    uniform_notifier (1.16.0)
    user_agent_parser (2.11.0)
    validates_timeliness (4.1.1)
      timeliness (>= 0.3.10, < 1)
    view_component (2.55.0)
      activesupport (>= 5.0.0, < 8.0)
      method_source (~> 1.0)
    virtus (1.0.5)
      axiom-types (~> 0.1)
      coercible (~> 1.0)
      descendants_tracker (~> 0.0, >= 0.0.3)
      equalizer (~> 0.0, >= 0.0.9)
    warden (1.2.9)
      rack (>= 2.0.9)
    webmock (3.12.2)
      addressable (>= 2.3.6)
      crack (>= 0.3.2)
      hashdiff (>= 0.4.0, < 2.0.0)
    webrick (1.7.0)
    websocket-driver (0.7.5)
      websocket-extensions (>= 0.1.0)
    websocket-extensions (0.1.5)
    whenever (1.0.0)
      chronic (>= 0.6.3)
    wicked_pdf (2.1.0)
      activesupport
    wisper (2.0.1)
    wisper-activejob (1.0.0)
      activejob (>= 4.0.0)
      wisper
    wisper-rspec (1.1.0)
    wkhtmltopdf-binary (0.12.3.1)
    wkhtmltopdf-heroku (2.12.5.0)
    xpath (3.2.0)
      nokogiri (~> 1.8)
    yard (0.9.27)
      webrick (~> 1.7.0)
    zeitwerk (2.5.4)

PLATFORMS
  ruby

DEPENDENCIES
  activesupport_cache_database!
  autoprefixer-rails (~> 9.6)
  awesome_print
  aws-sdk-s3
  binding_of_caller
  bootsnap
  bullet
  bundler-audit
  byebug
  capybara (~> 3.32)
  capybara-screenshot (~> 1.0)
  capybara-select-2
  cucumber-rails (~> 2.5.1)
  daemons
  database_cleaner
  factory_bot_rails (~> 6.1)
  faker
  foreman
  fuubar
  httparty
  i18n-tasks (~> 0.9.33)
  jsbundling-rails (~> 1.0)
  launchy
  nhs_api_client!
  paper_trail
  party_foul (~> 1.5.5)!
  pry-byebug
  pry-rails
  rack-host-redirect!
  rails-controller-testing (~> 1.0.4)
  redis
  renalware-core!
  renalware-forms
  rspec-html-matchers (~> 0.9.1)
  rspec-rails
  rspec-retry
  rspec_junit_formatter (~> 0.4)
  rubocop
  rubocop-performance
  rubocop-rails
  rubocop-rspec
  ruby-prof
  selenium-webdriver (~> 3.142.0)
  shoulda-matchers (~> 4.1)
  simplecov (~> 0.17)
  strong_migrations
  tailwindcss-rails (~> 2.0.8)
  test-prof
  turnip (~> 4.0)!
  uglifier (~> 4.2)
  webmock (~> 3.7)
  wisper-rspec (~> 1.1.0)
  wkhtmltopdf-binary (= 0.12.3.1)
  wkhtmltopdf-heroku (~> 2.12.3)

RUBY VERSION
   ruby 3.0.1p64

BUNDLED WITH
   2.2.33
